GEM
  remote: https://rubygems.org/
  specs:
    coderay (1.1.0)
    method_source (0.8.2)
    mini_portile2 (2.0.0)
    nokogiri (1.6.7.1)
      mini_portile2 (~> 2.0.0.rc2)
    nokogiri (1.6.7.1-x64-mingw32)
      mini_portile2 (~> 2.0.0.rc2)
    pry (0.10.3)
      coderay (~> 1.1.0)
      method_source (~> 0.8.1)
      slop (~> 3.4)
    rubygems-update (2.5.1)
    slop (3.6.0)

PLATFORMS
  ruby
  x64-mingw32

DEPENDENCIES
  nokogiri
  pry
  rubygems-update (>= 2.4.5)

BUNDLED WITH
   1.11.2
